GIT
  remote: git://github.com/blambeau/sexpr.git
  revision: 7457bd5ea071311f58cc5ae3e959a988540a6bdb
  specs:
    sexpr (0.4.0)

GIT
  remote: git://github.com/blambeau/stamina.git
  revision: 1290725dc12bf3962303ee97182080608f72ca88
  specs:
    stamina-core (0.5.1)
      quickl (~> 0.4.3)

GEM
  remote: http://rubygems.org/
  specs:
    awesome_print (1.0.2)
    citrus (2.4.1)
    diff-lcs (1.1.3)
    epath (0.0.1)
    quickl (0.4.3)
    rake (0.9.2.2)
    rspec (2.8.0)
      rspec-core (~> 2.8.0)
      rspec-expectations (~> 2.8.0)
      rspec-mocks (~> 2.8.0)
    rspec-core (2.8.0)
    rspec-expectations (2.8.0)
      diff-lcs (~> 1.1.2)
    rspec-mocks (2.8.0)
    wlang (0.10.2)
    yargi (0.2.0)

PLATFORMS
  java
  ruby

DEPENDENCIES
  awesome_print (~> 1.0)
  bundler (~> 1.0)
  citrus (~> 2.4)
  epath (~> 0.0.1)
  quickl (~> 0.4.3)
  rake (~> 0.9.2)
  rspec (~> 2.8.0)
  sexpr!
  stamina-core!
  wlang (~> 0.10.2)
  yargi (~> 0.2.0)
