GIT
  remote: git://github.com/blambeau/sexpr.git
  revision: 4f234e9d3c9834d570692703c7097751a6c2ac3a
  specs:
    sexpr (0.4.0)

GEM
  remote: http://rubygems.org/
  specs:
    awesome_print (1.0.2)
    citrus (2.4.1)
    diff-lcs (1.1.3)
    epath (0.0.1)
    quickl (0.4.3)
    rake (0.9.2.2)
    rspec (2.8.0)
      rspec-core (~> 2.8.0)
      rspec-expectations (~> 2.8.0)
      rspec-mocks (~> 2.8.0)
    rspec-core (2.8.0)
    rspec-expectations (2.8.0)
      diff-lcs (~> 1.1.2)
    rspec-mocks (2.8.0)
    wlang (0.10.2)
    yargi (0.2.0)

PLATFORMS
  java
  ruby

DEPENDENCIES
  awesome_print (~> 1.0)
  bundler (~> 1.0)
  citrus (~> 2.4)
  epath (~> 0.0.1)
  quickl (~> 0.4.3)
  rake (~> 0.9.2)
  rspec (~> 2.8.0)
  sexpr!
  wlang (~> 0.10.2)
  yargi (~> 0.2.0)
