PATH
  remote: ../alf
  specs:
    alf (0.13.0)
      backports (~> 2.6)
      myrrha (~> 1.2.2)
      path (~> 1.3)
      quickl (~> 0.4.3)
      sexpr (~> 0.5.1)

PATH
  remote: ../cudd-rb
  specs:
    cudd-rb (0.0.1)
      ffi (~> 1.0)

PATH
  remote: ../gisele-analysis
  specs:
    gisele-analysis (0.1.0)
      alf (~> 0.13.0)
      cudd-rb (~> 0.0.1)
      gisele-language (~> 0.5.0)
      stamina-core (~> 0.5.4)
      yargi (~> 0.2.0)

PATH
  remote: ../gisele-language
  specs:
    gisele-language (0.5.0)
      citrus (~> 2.4)
      path (~> 1.2)
      sexpr (~> 0.5.0)

PATH
  remote: ../stamina
  specs:
    stamina-core (0.5.4)
      quickl (~> 0.4.3)

GEM
  remote: http://rubygems.org/
  specs:
    awesome_print (1.0.2)
    backports (2.6.3)
    citrus (2.4.1)
    diff-lcs (1.1.3)
    ffi (1.1.0)
    ffi (1.1.0-java)
    myrrha (1.2.2)
    path (1.3.0)
    quickl (0.4.3)
    rake (0.9.2.2)
    rspec (2.11.0)
      rspec-core (~> 2.11.0)
      rspec-expectations (~> 2.11.0)
      rspec-mocks (~> 2.11.0)
    rspec-core (2.11.1)
    rspec-expectations (2.11.1)
      diff-lcs (~> 1.1.3)
    rspec-mocks (2.11.1)
    sexpr (0.5.1)
    yargi (0.2.0)

PLATFORMS
  java
  ruby

DEPENDENCIES
  alf!
  awesome_print (~> 1.0)
  cudd-rb!
  gisele-analysis!
  gisele-language!
  path (~> 1.2)
  quickl (~> 0.4.3)
  rake (~> 0.9.2)
  rspec (~> 2.11)
  stamina-core!
