GEM
  remote: http://rubygems.org/
  specs:
    awesome_print (1.0.2)
    citrus (2.4.1)
    cudd-rb (0.0.2)
      ffi (~> 1.0)
    diff-lcs (1.1.3)
    ffi (1.1.5)
    ffi (1.1.5-java)
    gisele-analysis (0.6.0)
      cudd-rb (~> 0.0.2)
      gisele-language (~> 0.6.0)
      stamina-core (~> 0.6.1)
      yargi (~> 0.2.0)
    gisele-language (0.6.0)
      citrus (~> 2.4)
      path (~> 1.2)
      sexpr (~> 0.5.0)
    path (1.3.0)
    quickl (0.4.3)
    rake (0.9.2.2)
    rspec (2.11.0)
      rspec-core (~> 2.11.0)
      rspec-expectations (~> 2.11.0)
      rspec-mocks (~> 2.11.0)
    rspec-core (2.11.1)
    rspec-expectations (2.11.3)
      diff-lcs (~> 1.1.3)
    rspec-mocks (2.11.2)
    sexpr (0.5.1)
    stamina-core (0.6.1)
      quickl (~> 0.4.3)
    yargi (0.2.0)

PLATFORMS
  java
  ruby

DEPENDENCIES
  awesome_print (~> 1.0)
  gisele-analysis (~> 0.6.0)
  path (~> 1.3)
  quickl (~> 0.4.3)
  rake (~> 0.9.2)
  rspec (~> 2.11)
  yargi (~> 0.2.0)
